GEM
  remote: https://rubygems.org/
  specs:
    pg (1.5.4)

PLATFORMS
  ruby
  x86_64-darwin-21

DEPENDENCIES
  pg

BUNDLED WITH
   2.5.1
