GEM
  remote: https://rubygems.org/
  specs:
    pg (1.5.4)
    rack (3.0.8)

PLATFORMS
  x86_64-linux

DEPENDENCIES
  pg
  rack

BUNDLED WITH
   2.5.1
