GEM
  remote: https://rubygems.org/
  specs:
    coderay (1.1.3)
    erubis (2.7.0)
    htmlbeautifier (1.4.2)
    method_source (1.0.0)
    pg (1.5.4)
    pry (0.14.2)
      coderay (~> 1.1)
      method_source (~> 1.0)
    rack (3.0.8)

PLATFORMS
  x86_64-darwin-21
  x86_64-linux

DEPENDENCIES
  erubis
  htmlbeautifier
  pg
  pry
  rack

BUNDLED WITH
   2.5.1
